GEM
  remote: https://rubygems.org/
  specs:
    eventmachine (1.0.8)
    faye-websocket (0.10.2)
      eventmachine (>= 0.12.0)
      websocket-driver (>= 0.5.1)
    httparty (0.13.7)
      json (~> 1.8)
      multi_xml (>= 0.5.2)
    json (1.8.3)
    multi_xml (0.5.5)
    rufus-scheduler (3.2.0)
    stockfighter (0.4.0)
      httparty (~> 0.13.7)
      rufus-scheduler (~> 3.1)
      websocket-eventmachine-client (~> 1.1)
    websocket (1.2.2)
    websocket-driver (0.6.3)
      websocket-extensions (>= 0.1.0)
    websocket-eventmachine-base (1.1.1)
      eventmachine (~> 1.0)
      websocket (~> 1.0)
      websocket-native (~> 1.0)
    websocket-eventmachine-client (1.1.0)
      websocket-eventmachine-base (~> 1.0)
    websocket-extensions (0.1.2)
    websocket-native (1.0.0)

PLATFORMS
  ruby

DEPENDENCIES
  faye-websocket (= 0.10.2)
  httparty (= 0.13.7)
  json (~> 1.8)
  stockfighter

BUNDLED WITH
   1.10.6
